GEM
  remote: https://rubygems.org/
  specs:
    base64 (0.2.0)
    erubi (1.13.1)
    ffi (1.17.1)
    ffi (1.17.1-arm64-darwin)
    karafka (2.4.17)
      base64 (~> 0.2)
      karafka-core (>= 2.4.4, < 2.5.0)
      karafka-rdkafka (>= 0.17.2)
      waterdrop (>= 2.7.3, < 3.0.0)
      zeitwerk (~> 2.3)
    karafka-core (2.4.8)
      karafka-rdkafka (>= 0.17.6, < 0.19.0)
      logger (>= 1.6.0)
    karafka-rdkafka (0.18.1)
      ffi (~> 1.15)
      mini_portile2 (~> 2.6)
      rake (> 12)
    karafka-web (0.10.4)
      erubi (~> 1.4)
      karafka (>= 2.4.10, < 2.5.0)
      karafka-core (>= 2.4.0, < 2.5.0)
      roda (~> 3.68, >= 3.69)
      tilt (~> 2.0)
    logger (1.6.5)
    mini_portile2 (2.8.8)
    rack (3.1.9)
    rake (13.2.1)
    roda (3.88.0)
      rack
    tilt (2.6.0)
    waterdrop (2.8.1)
      karafka-core (>= 2.4.3, < 3.0.0)
      karafka-rdkafka (>= 0.17.5)
      zeitwerk (~> 2.3)
    zeitwerk (2.6.18)

PLATFORMS
  arm64-darwin-23
  ruby

DEPENDENCIES
  karafka
  karafka-web (~> 0.10.4)

BUNDLED WITH
   2.5.14
